GEM
  remote: https://rubygems.org/
  specs:
    digest (3.1.1)

PLATFORMS
  x64-mingw-ucrt

DEPENDENCIES
  digest

BUNDLED WITH
   2.4.10
